GIT
  remote: git://github.com/slim-template/slim.git
  revision: 54d9be2e5170100f596154eae8d8ad0270e79ff0
  ref: v2.0.0.pre.8
  specs:
    slim (2.0.0.pre.8)
      temple (~> 0.6.4)
      tilt (~> 1.3.6)

GEM
  remote: http://rubygems.org/
  specs:
    POpen4 (0.1.4)
      Platform (>= 0.4.0)
      open4
    Platform (0.4.0)
    activesupport (3.2.13)
      i18n (= 0.6.1)
      multi_json (~> 1.0)
    classifier (1.3.3)
      fast-stemmer (>= 1.0.0)
    coffee-script (2.2.0)
      coffee-script-source
      execjs
    coffee-script-source (1.6.2)
    colorator (0.1)
    commander (4.1.3)
      highline (~> 1.6.11)
    directory_watcher (1.4.1)
    execjs (1.4.0)
      multi_json (~> 1.0)
    fast-stemmer (1.0.2)
    highline (1.6.19)
    i18n (0.6.1)
    jekyll (1.0.3)
      classifier (~> 1.3)
      colorator (~> 0.1)
      commander (~> 4.1.3)
      directory_watcher (~> 1.4.1)
      kramdown (~> 1.0.2)
      liquid (~> 2.3)
      maruku (~> 0.5)
      pygments.rb (~> 0.5.0)
      safe_yaml (~> 0.7.0)
    jekyll-asset-pipeline (0.1.5.dd)
      jekyll (~> 1.0.0)
      liquid (~> 2.4)
    jekyll-slim (0.8.2)
      jekyll (>= 0.10.0)
      slim
    json (1.8.0)
    kramdown (1.0.2)
    liquid (2.5.0)
    maruku (0.6.1)
      syntax (>= 1.0.0)
    multi_json (1.7.7)
    open4 (1.3.0)
    posix-spawn (0.3.6)
    pygments.rb (0.5.0)
      posix-spawn (~> 0.3.6)
      yajl-ruby (~> 1.1.0)
    rubytree (0.8.3)
      json (>= 1.7.5)
      structured_warnings (>= 0.1.3)
    safe_yaml (0.7.1)
    sass (3.2.9)
    structured_warnings (0.1.4)
    syntax (1.0.0)
    temple (0.6.5)
    tilt (1.3.7)
    yajl-ruby (1.1.0)
    yui-compressor (0.9.6)
      POpen4 (>= 0.1.4)

PLATFORMS
  ruby

DEPENDENCIES
  activesupport (~> 3.2.13)
  coffee-script (~> 2.2.0)
  jekyll (~> 1.0)
  jekyll-asset-pipeline (= 0.1.5.dd)
  jekyll-slim (~> 0.8.2)
  rubytree (~> 0.8.3)
  sass (~> 3.2.9)
  slim!
  yui-compressor (~> 0.9.6)
